GEM
  remote: https://rubygems.org/
  specs:
    bson (1.1)
    bson_ext (1.1)
    haml (4.0.6)
      tilt
    json (1.8.2)
    mongo (1.1)
      bson (>= 1.0.5)
    rack (1.6.0)
    rack-protection (1.5.3)
      rack
    sinatra (1.4.5)
      rack (~> 1.4)
      rack-protection (~> 1.4)
      tilt (~> 1.3, >= 1.3.4)
    tilt (1.4.1)

PLATFORMS
  ruby

DEPENDENCIES
  bson (= 1.1)
  bson_ext (= 1.1)
  haml
  json
  mongo
  sinatra
